GEM
  remote: https://rubygems.org/
  specs:
    logger (1.7.0)
    minitest (5.26.0)
    prism (1.6.0)
    rake (13.3.0)
    rbs (3.9.5)
      logger
    rbs-inline (0.12.0)
      prism (>= 0.29)
      rbs (>= 3.8.0)

PLATFORMS
  arm64-darwin-23
  ruby

DEPENDENCIES
  minitest (~> 5.16)
  rake (~> 13.0)
  rbs-inline (~> 0.12.0)

BUNDLED WITH
   2.7.0.dev
